GEM
  remote: https://rubygems.org/
  specs:
    addressable (2.6.0)
      public_suffix (>= 2.0.2, < 4.0)
    ast (2.4.0)
    declarative (0.0.10)
    declarative-option (0.1.0)
    dotenv (2.7.4)
    faraday (0.15.4)
      multipart-post (>= 1.2, < 3)
    google-api-client (0.30.7)
      addressable (~> 2.5, >= 2.5.1)
      googleauth (>= 0.5, < 0.10.0)
      httpclient (>= 2.8.1, < 3.0)
      mini_mime (~> 1.0)
      representable (~> 3.0)
      retriable (>= 2.0, < 4.0)
      signet (~> 0.10)
    googleauth (0.8.1)
      faraday (~> 0.12)
      jwt (>= 1.4, < 3.0)
      memoist (~> 0.16)
      multi_json (~> 1.11)
      os (>= 0.9, < 2.0)
      signet (~> 0.7)
    httpclient (2.8.3)
    jaro_winkler (1.5.3)
    jwt (2.2.1)
    mail (2.7.1)
      mini_mime (>= 0.1.1)
    memoist (0.16.0)
    mini_mime (1.0.2)
    multi_json (1.15.0)
    multipart-post (2.1.1)
    mustermann (3.0.0)
      ruby2_keywords (~> 0.0.1)
    os (1.0.1)
    parallel (1.17.0)
    parser (2.6.3.0)
      ast (~> 2.4.0)
    public_suffix (3.1.1)
    rack (2.2.4)
    rack-protection (3.0.4)
      rack
    rainbow (3.0.0)
    representable (3.0.4)
      declarative (< 0.1.0)
      declarative-option (< 0.2.0)
      uber (< 0.2.0)
    retriable (3.1.2)
    rubocop (0.72.0)
      jaro_winkler (~> 1.5.1)
      parallel (~> 1.10)
      parser (>= 2.6)
      rainbow (>= 2.2.2, < 4.0)
      ruby-progressbar (~> 1.7)
      unicode-display_width (>= 1.4.0, < 1.7)
    ruby-progressbar (1.10.1)
    ruby2_keywords (0.0.5)
    signet (0.11.0)
      addressable (~> 2.3)
      faraday (~> 0.9)
      jwt (>= 1.5, < 3.0)
      multi_json (~> 1.10)
    sinatra (3.0.4)
      mustermann (~> 3.0)
      rack (~> 2.2, >= 2.2.4)
      rack-protection (= 3.0.4)
      tilt (~> 2.0)
    sinatra-contrib (3.0.4)
      multi_json
      mustermann (~> 3.0)
      rack-protection (= 3.0.4)
      sinatra (= 3.0.4)
      tilt (~> 2.0)
    tilt (2.0.11)
    uber (0.1.0)
    unicode-display_width (1.6.0)

PLATFORMS
  ruby

DEPENDENCIES
  dotenv
  google-api-client (~> 0.9)
  mail
  rubocop (~> 0.72.0)
  sinatra
  sinatra-contrib

RUBY VERSION
   ruby 2.6.3p62

BUNDLED WITH
   1.17.2
